PATH
  remote: .
  specs:
    toolbus (0.0.1)
      highline (~> 1.7)
      json_pure (~> 1.8)
      treetop (~> 1.6)

GEM
  remote: https://rubygems.org/
  specs:
    coderay (1.1.0)
    diff-lcs (1.2.5)
    highline (1.7.2)
    json_pure (1.8.2)
    method_source (0.8.2)
    polyglot (0.3.5)
    pry (0.10.1)
      coderay (~> 1.1.0)
      method_source (~> 0.8.1)
      slop (~> 3.4)
    rspec (3.2.0)
      rspec-core (~> 3.2.0)
      rspec-expectations (~> 3.2.0)
      rspec-mocks (~> 3.2.0)
    rspec-core (3.2.3)
      rspec-support (~> 3.2.0)
    rspec-expectations (3.2.1)
      diff-lcs (>= 1.2.0, < 2.0)
      rspec-support (~> 3.2.0)
    rspec-mocks (3.2.1)
      diff-lcs (>= 1.2.0, < 2.0)
      rspec-support (~> 3.2.0)
    rspec-support (3.2.2)
    slop (3.6.0)
    treetop (1.6.2)
      polyglot (~> 0.3)

PLATFORMS
  ruby

DEPENDENCIES
  pry (~> 0.10)
  rspec (~> 3.2)
  toolbus!
